GEM
  remote: https://rubygems.org/
  specs:
    addressable (2.5.2)
      public_suffix (>= 2.0.2, < 4.0)
    app_configuration (0.0.3)
    coderay (1.1.2)
    domain_name (0.5.20170404)
      unf (>= 0.0.5, < 1.0.0)
    gli (2.16.1)
    http (3.0.0)
      addressable (~> 2.3)
      http-cookie (~> 1.0)
      http-form_data (>= 2.0.0.pre.pre2, < 3)
      http_parser.rb (~> 0.6.0)
    http-cookie (1.0.3)
      domain_name (~> 0.5)
    http-form_data (2.0.0)
    http_parser.rb (0.6.0)
    json2csv (0.0.4)
      gli (~> 2.11, >= 2.11.0)
      json_pure (~> 1.8.1)
      multi_json (~> 1.10.0)
      rake (~> 10.3, >= 10.3.2)
      terminal-table (~> 1.4, >= 1.4.5)
    json_pure (1.8.6)
    method_source (0.9.0)
    multi_json (1.10.1)
    mysql2 (0.4.10)
    pry (0.11.2)
      coderay (~> 1.1.0)
      method_source (~> 0.9.0)
    public_suffix (3.0.0)
    rack (2.0.3)
    rack-test (0.7.0)
      rack (>= 1.0, < 3)
    rake (10.5.0)
    terminal-table (1.8.0)
      unicode-display_width (~> 1.1, >= 1.1.1)
    unf (0.1.4)
      unf_ext
    unf_ext (0.0.7.4)
    unicode-display_width (1.3.0)

PLATFORMS
  ruby

DEPENDENCIES
  app_configuration
  http
  json2csv
  mysql2
  pry
  rack-test
  rake

BUNDLED WITH
   1.16.0
